PATH
  remote: .
  specs:
    sidekiq-silent-retry (0.3.0)
      sidekiq (~> 6.0)

GEM
  remote: https://rubygems.org/
  specs:
    ast (2.4.2)
    connection_pool (2.4.1)
    diff-lcs (1.5.1)
    json (2.7.2)
    language_server-protocol (3.17.0.3)
    parallel (1.24.0)
    parser (3.3.1.0)
      ast (~> 2.4.1)
      racc
    racc (1.8.0)
    rack (2.2.9)
    rainbow (3.1.1)
    rake (13.2.1)
    redis (4.8.1)
    regexp_parser (2.9.2)
    rexml (3.3.9)
    rspec (3.13.0)
      rspec-core (~> 3.13.0)
      rspec-expectations (~> 3.13.0)
      rspec-mocks (~> 3.13.0)
    rspec-core (3.13.0)
      rspec-support (~> 3.13.0)
    rspec-expectations (3.13.0)
      diff-lcs (>= 1.2.0, < 2.0)
      rspec-support (~> 3.13.0)
    rspec-mocks (3.13.1)
      diff-lcs (>= 1.2.0, < 2.0)
      rspec-support (~> 3.13.0)
    rspec-support (3.13.1)
    rubocop (1.64.0)
      json (~> 2.3)
      language_server-protocol (>= 3.17.0)
      parallel (~> 1.10)
      parser (>= 3.3.0.2)
      rainbow (>= 2.2.2, < 4.0)
      regexp_parser (>= 1.8, < 3.0)
      rexml (>= 3.2.5, < 4.0)
      rubocop-ast (>= 1.31.1, < 2.0)
      ruby-progressbar (~> 1.7)
      unicode-display_width (>= 2.4.0, < 3.0)
    rubocop-ast (1.31.3)
      parser (>= 3.3.1.0)
    ruby-progressbar (1.13.0)
    sidekiq (6.5.12)
      connection_pool (>= 2.2.5, < 3)
      rack (~> 2.0)
      redis (>= 4.5.0, < 5)
    unicode-display_width (2.5.0)

PLATFORMS
  arm64-darwin-23
  ruby

DEPENDENCIES
  rake (~> 13.0)
  rspec (~> 3.0)
  rubocop (~> 1.21)
  sidekiq-silent-retry!

BUNDLED WITH
   2.5.21
